PATH
  remote: .
  specs:
    enkel (0.1.0)
      zeitwerk (~> 2.6.8)

GEM
  remote: https://rubygems.org/
  specs:
    coderay (1.1.3)
    diff-lcs (1.5.0)
    method_source (1.0.0)
    prettier_print (1.2.1)
    pry (0.14.2)
      coderay (~> 1.1)
      method_source (~> 1.0)
    rake (13.0.6)
    rspec (3.12.0)
      rspec-core (~> 3.12.0)
      rspec-expectations (~> 3.12.0)
      rspec-mocks (~> 3.12.0)
    rspec-core (3.12.2)
      rspec-support (~> 3.12.0)
    rspec-expectations (3.12.3)
      diff-lcs (>= 1.2.0, < 2.0)
      rspec-support (~> 3.12.0)
    rspec-mocks (3.12.5)
      diff-lcs (>= 1.2.0, < 2.0)
      rspec-support (~> 3.12.0)
    rspec-support (3.12.0)
    syntax_tree (6.2.0)
      prettier_print (>= 1.2.0)
    zeitwerk (2.6.8)

PLATFORMS
  arm64-darwin-20

DEPENDENCIES
  enkel!
  prettier_print
  pry (~> 0.14.2)
  rake (~> 13.0)
  rspec (~> 3.0)
  syntax_tree

BUNDLED WITH
   2.4.10
